GEM
  remote: https://rubygems.org/
  specs:
    activesupport (5.0.0.1)
      concurrent-ruby (~> 1.0, >= 1.0.2)
      i18n (~> 0.7)
      minitest (~> 5.1)
      tzinfo (~> 1.1)
    capistrano (2.15.9)
      highline
      net-scp (>= 1.0.0)
      net-sftp (>= 2.0.0)
      net-ssh (>= 2.0.14)
      net-ssh-gateway (>= 1.1.0)
    concurrent-ruby (1.0.2)
    erubis (2.7.0)
    highline (1.7.8)
    i18n (0.7.0)
    minitest (5.9.1)
    net-scp (1.2.1)
      net-ssh (>= 2.6.5)
    net-sftp (2.1.2)
      net-ssh (>= 2.6.5)
    net-ssh (3.2.0)
    net-ssh-gateway (1.2.0)
      net-ssh (>= 2.6.5)
    open4 (1.3.4)
    sprinkle (0.7.7)
      activesupport (>= 2.0.2)
      capistrano (>= 2.5.5, < 3)
      erubis (>= 2.7.0)
      highline (>= 1.4.0)
      open4 (>= 1.1.0)
    thread_safe (0.3.5)
    tzinfo (1.2.2)
      thread_safe (~> 0.1)

PLATFORMS
  ruby

DEPENDENCIES
  sprinkle

BUNDLED WITH
   1.13.6
